GEM
  remote: https://rubygems.org/
  specs:
    dbt (1.1.5)
    motion-kit (0.10.11)
      dbt (~> 1.1.5)
    motion-kit-events (0.2.1)
      dbt
      motion-kit
    rake (10.3.2)

PLATFORMS
  ruby

DEPENDENCIES
  motion-kit
  motion-kit-events
  rake
